GEM
  specs:
    psych (3.3.2)

PLATFORMS
  x86_64-darwin-20

DEPENDENCIES
  psych (= 3.3.2)

BUNDLED WITH
   2.2.17
